GEM
  remote: https://rubygems.org/
  specs:
    prometheus-client (2.1.0)

PLATFORMS
  ruby

DEPENDENCIES
  prometheus-client

BUNDLED WITH
   2.1.4
