GEM
  remote: https://rubygems.org/
  specs:
    prometheus_exporter (0.8.0)
      webrick
    webrick (1.7.0)

PLATFORMS
  ruby

DEPENDENCIES
  prometheus_exporter

BUNDLED WITH
   2.1.4
